{
  "aor": 0.0014853846153846156,
  "aqi": 0.009946435853658536,
  "bids_meta": {
    "AcquisitionDateTime": "2020-03-11T15:50:15.792500",
    "AcquisitionMatrixPE": 64,
    "AcquisitionNumber": 1,
    "AcquisitionTime": "15:50:15.792500",
    "BandwidthPerPixelPhaseEncode": 58.962,
    "BaseResolution": 64,
    "CoilString": "T:HEA;HEP",
    "ConversionSoftware": "dcm2niix",
    "ConversionSoftwareVersion": "v1.0.20190902",
    "DerivedVendorReportedEchoSpacing": 0.000530002,
    "DeviceSerialNumber": "35420",
    "DwellTime": 3.5e-06,
    "EchoTime": 0.027,
    "EffectiveEchoSpacing": 0.000265001,
    "FlipAngle": 71,
    "ImageOrientationPatientDICOM": [
      0.998929,
      -0.0453611,
      0.00914173,
      0.0453611,
      0.998971,
      0.000211552
    ],
    "ImageType": [
      "ORIGINAL",
      "PRIMARY",
      "M",
      "ND",
      "MOSAIC"
    ],
    "ImagingFrequency": 123.222,
    "InPlanePhaseEncodingDirectionDICOM": "COL",
    "InstitutionAddress": "deleted_by_bidsonym",
    "InstitutionName": "Center_of_BrainImaging_Uni-Marburg",
    "InstitutionalDepartmentName": "Department",
    "MRAcquisitionType": "2D",
    "MagneticFieldStrength": 3,
    "Manufacturer": "Siemens",
    "ManufacturersModelName": "TrioTim",
    "Modality": "MR",
    "ParallelReductionFactorInPlane": 2,
    "PartialFourier": 1,
    "PatientBirthDate": "1996-01-01",
    "PatientID": "Empatom_04",
    "PatientName": "20200311_Empatom_04",
    "PatientPosition": "HFS",
    "PatientSex": "M",
    "PatientWeight": 63,
    "PercentPhaseFOV": 100,
    "PhaseEncodingDirection": "j-",
    "PhaseEncodingSteps": 63,
    "PhaseResolution": 1,
    "PixelBandwidth": 2232,
    "ProcedureStepDescription": "AGB_Andreas",
    "ProtocolName": "ep2d_bold_TR1760_TE27_p2_des_iso35",
    "PulseSequenceDetails": "%SiemensSeq%_ep2d_bold",
    "ReceiveCoilName": "HeadMatrix",
    "ReconMatrixPE": 64,
    "RefLinesPE": 24,
    "RepetitionTime": 1.76,
    "SAR": 0.12714,
    "ScanOptions": "FS",
    "ScanningSequence": "EP",
    "SequenceName": "_epfid2d1_64",
    "SequenceVariant": "SK",
    "SeriesDescription": "ep2d_bold_TR1760_TE27_p2_des_iso35",
    "SeriesInstanceUID": "1.3.12.2.1107.5.2.32.35420.2020031115500621085152246.0.0.0",
    "SeriesNumber": 6,
    "ShimSetting": [
      9344,
      9532,
      -1426,
      161,
      5,
      -2427,
      478,
      216
    ],
    "SliceThickness": 3.5,
    "SliceTiming": [
      1.715,
      1.665,
      1.615,
      1.5625,
      1.5125,
      1.4625,
      1.4125,
      1.3625,
      1.31,
      1.26,
      1.21,
      1.16,
      1.11,
      1.06,
      1.0075,
      0.9575,
      0.9075,
      0.8575,
      0.8075,
      0.755,
      0.705,
      0.655,
      0.605,
      0.555,
      0.5025,
      0.4525,
      0.4025,
      0.3525,
      0.3025,
      0.2525,
      0.2,
      0.15,
      0.1,
      0.05,
      0
    ],
    "SoftwareVersions": "syngo_MR_B17",
    "SpacingBetweenSlices": 4.025,
    "StationName": "MEDPC",
    "StudyID": "1",
    "StudyInstanceUID": "1.3.12.2.1107.5.2.32.35420.30000020031106353982800000025",
    "TotalReadoutTime": 0.0166951,
    "TxRefAmp": 296.879,
    "dataset": "ds003354",
    "modality": "bold",
    "subject_id": "04",
    "task_id": "empatom"
  },
  "dummy_trs": 0,
  "dvars_nstd": 21.55830807915496,
  "dvars_std": 1.069651683211268,
  "dvars_vstd": 0.979317718394367,
  "efc": 0.48437873918816265,
  "fber": 1982.8897705078125,
  "fd_mean": 0.1144163350068692,
  "fd_num": 54,
  "fd_perc": 5.065666041275797,
  "fwhm_avg": 1.954298908398848,
  "fwhm_x": 1.8491428571428572,
  "fwhm_y": 2.1149514285714286,
  "fwhm_z": 1.898802439482258,
  "gcor": 0.0221186,
  "gsr_x": -0.005870963912457228,
  "gsr_y": 0.02757459506392479,
  "provenance": {
    "md5sum": "b4bd4214c412a4d431a5d7c11af86092",
    "settings": {
      "fd_thres": 0.2,
      "testing": false
    },
    "software": "mriqc",
    "version": "23.0.1",
    "webapi_port": null,
    "webapi_url": "https://mriqc.nimh.nih.gov/api/v1"
  },
  "size_t": 1066,
  "size_x": 64,
  "size_y": 64,
  "size_z": 35,
  "snr": 5.4861600134104185,
  "spacing_tr": 1.7599999904632568,
  "spacing_x": 3.5,
  "spacing_y": 3.5,
  "spacing_z": 4.025000095367432,
  "summary_bg_k": 24.492498648752456,
  "summary_bg_mad": 7.123723130657582,
  "summary_bg_mean": 40.18678665161133,
  "summary_bg_median": 17.97373390197754,
  "summary_bg_n": 92348.0,
  "summary_bg_p05": 11.884614944458008,
  "summary_bg_p95": 165.89980773925777,
  "summary_bg_stdv": 66.0840072631836,
  "summary_fg_k": 1.0713932539440458,
  "summary_fg_mad": 132.84867856840697,
  "summary_fg_mean": 820.5108032226562,
  "summary_fg_median": 805.4033813476562,
  "summary_fg_n": 21100.0,
  "summary_fg_p05": 617.5086486816406,
  "summary_fg_p95": 1092.4900939941406,
  "summary_fg_stdv": 146.80291748046875,
  "tsnr": 51.176523202098906
}