{
  "aor": 0.005844173913043478,
  "aqi": 0.012059062008695652,
  "bids_meta": {
    "AcquisitionDateTime": "2020-06-24T09:26:51.782500",
    "AcquisitionMatrixPE": 64,
    "AcquisitionNumber": 1,
    "AcquisitionTime": "09:26:51.782500",
    "BandwidthPerPixelPhaseEncode": 58.962,
    "BaseResolution": 64,
    "CoilString": "T:HEA;HEP",
    "ConversionSoftware": "dcm2niix",
    "ConversionSoftwareVersion": "v1.0.20190902",
    "DerivedVendorReportedEchoSpacing": 0.000530002,
    "DeviceSerialNumber": "35420",
    "DwellTime": 3.5e-06,
    "EchoTime": 0.027,
    "EffectiveEchoSpacing": 0.000265001,
    "FlipAngle": 71,
    "ImageOrientationPatientDICOM": [
      0.99827,
      0.0212797,
      -0.0548031,
      -0.035171,
      0.963144,
      -0.266678
    ],
    "ImageType": [
      "ORIGINAL",
      "PRIMARY",
      "M",
      "ND",
      "MOSAIC"
    ],
    "ImagingFrequency": 123.221,
    "InPlanePhaseEncodingDirectionDICOM": "COL",
    "InstitutionAddress": "deleted_by_bidsonym",
    "InstitutionName": "Center_of_BrainImaging_Uni-Marburg",
    "InstitutionalDepartmentName": "Department",
    "MRAcquisitionType": "2D",
    "MagneticFieldStrength": 3,
    "Manufacturer": "Siemens",
    "ManufacturersModelName": "TrioTim",
    "Modality": "MR",
    "ParallelReductionFactorInPlane": 2,
    "PartialFourier": 1,
    "PatientBirthDate": "1994-01-01",
    "PatientID": "20200624_AGB_EMPATOM09",
    "PatientName": "20200624_AGB_EMPATOM09",
    "PatientPosition": "HFS",
    "PatientSex": "M",
    "PatientWeight": 75,
    "PercentPhaseFOV": 100,
    "PhaseEncodingDirection": "j-",
    "PhaseEncodingSteps": 63,
    "PhaseResolution": 1,
    "PixelBandwidth": 2232,
    "ProcedureStepDescription": "AGB_Andreas",
    "ProtocolName": "ep2d_bold_TR1760_TE27_p2_des_iso35",
    "PulseSequenceDetails": "%SiemensSeq%_ep2d_bold",
    "ReceiveCoilName": "HeadMatrix",
    "ReconMatrixPE": 64,
    "RefLinesPE": 24,
    "RepetitionTime": 1.76,
    "SAR": 0.113512,
    "ScanOptions": "FS",
    "ScanningSequence": "EP",
    "SequenceName": "_epfid2d1_64",
    "SequenceVariant": "SK",
    "SeriesDescription": "ep2d_bold_TR1760_TE27_p2_des_iso35",
    "SeriesInstanceUID": "1.3.12.2.1107.5.2.32.35420.2020062409264161443156719.0.0.0",
    "SeriesNumber": 6,
    "ShimSetting": [
      9373,
      9578,
      -1514,
      243,
      -18,
      -2515,
      161,
      297
    ],
    "SliceThickness": 3.5,
    "SliceTiming": [
      1.715,
      1.665,
      1.615,
      1.565,
      1.515,
      1.4625,
      1.4125,
      1.3625,
      1.3125,
      1.2625,
      1.2125,
      1.16,
      1.11,
      1.06,
      1.01,
      0.96,
      0.9075,
      0.8575,
      0.8075,
      0.7575,
      0.7075,
      0.655,
      0.605,
      0.555,
      0.505,
      0.455,
      0.405,
      0.3525,
      0.3025,
      0.2525,
      0.2025,
      0.1525,
      0.1,
      0.05,
      0
    ],
    "SoftwareVersions": "syngo_MR_B17",
    "SpacingBetweenSlices": 4.025,
    "StationName": "MEDPC",
    "StudyID": "1",
    "StudyInstanceUID": "1.3.12.2.1107.5.2.32.35420.30000020062405253642100000007",
    "TotalReadoutTime": 0.0166951,
    "TxRefAmp": 318.102,
    "dataset": "ds003354",
    "modality": "bold",
    "subject_id": "09",
    "task_id": "empatom"
  },
  "dummy_trs": 0,
  "dvars_nstd": 23.250200376196663,
  "dvars_std": 1.0778860117319413,
  "dvars_vstd": 1.0514155527415154,
  "efc": 0.49530675180173556,
  "fber": 1586.4688720703125,
  "fd_mean": 0.17716227901280213,
  "fd_num": 223,
  "fd_perc": 19.391304347826086,
  "fwhm_avg": 2.0283525306744496,
  "fwhm_x": 1.9255514285714284,
  "fwhm_y": 2.1451285714285713,
  "fwhm_z": 2.01437759202335,
  "gcor": 0.0450421,
  "gsr_x": -0.01217226404696703,
  "gsr_y": 0.04066181927919388,
  "provenance": {
    "md5sum": "8fa04c271e42ad1cc0cb02f96184a664",
    "settings": {
      "fd_thres": 0.2,
      "testing": false
    },
    "software": "mriqc",
    "version": "23.0.1",
    "webapi_port": null,
    "webapi_url": "https://mriqc.nimh.nih.gov/api/v1"
  },
  "size_t": 1150,
  "size_x": 64,
  "size_y": 64,
  "size_z": 35,
  "snr": 5.013069197085913,
  "spacing_tr": 1.7599999904632568,
  "spacing_x": 3.5,
  "spacing_y": 3.5,
  "spacing_z": 4.025000095367432,
  "summary_bg_k": 26.212959373720775,
  "summary_bg_mad": 7.657962775706498,
  "summary_bg_mean": 42.80934524536133,
  "summary_bg_median": 17.913043975830078,
  "summary_bg_n": 92381.0,
  "summary_bg_p05": 11.46260929107666,
  "summary_bg_p95": 181.605224609375,
  "summary_bg_stdv": 68.71651458740234,
  "summary_fg_k": 1.3710956577989135,
  "summary_fg_mad": 127.16277599287102,
  "summary_fg_mean": 730.9241333007812,
  "summary_fg_median": 714.1517333984375,
  "summary_fg_n": 21174.0,
  "summary_fg_p05": 536.8213073730469,
  "summary_fg_p95": 995.9916320800778,
  "summary_fg_stdv": 142.45462036132812,
  "tsnr": 39.68428716564085
}