{
  "aor": 0.00030433668801463853,
  "aqi": 0.006242437502287282,
  "bids_meta": {
    "AcquisitionDateTime": "2020-03-04T13:29:17.485000",
    "AcquisitionMatrixPE": 64,
    "AcquisitionNumber": 1,
    "AcquisitionTime": "13:29:17.485000",
    "BandwidthPerPixelPhaseEncode": 58.962,
    "BaseResolution": 64,
    "CoilString": "T:HEA;HEP",
    "ConversionSoftware": "dcm2niix",
    "ConversionSoftwareVersion": "v1.0.20190902",
    "DerivedVendorReportedEchoSpacing": 0.000530002,
    "DeviceSerialNumber": "35420",
    "DwellTime": 3.5e-06,
    "EchoTime": 0.027,
    "EffectiveEchoSpacing": 0.000265001,
    "FlipAngle": 71,
    "ImageComments": "empatom_2",
    "ImageOrientationPatientDICOM": [
      0.999677,
      0.0211036,
      0.0141356,
      -0.0200377,
      0.997224,
      -0.0717156
    ],
    "ImageType": [
      "ORIGINAL",
      "PRIMARY",
      "M",
      "ND",
      "MOSAIC"
    ],
    "ImagingFrequency": 123.221,
    "InPlanePhaseEncodingDirectionDICOM": "COL",
    "InstitutionAddress": "deleted_by_bidsonym",
    "InstitutionName": "Center_of_BrainImaging_Uni-Marburg",
    "InstitutionalDepartmentName": "Department",
    "MRAcquisitionType": "2D",
    "MagneticFieldStrength": 3,
    "Manufacturer": "Siemens",
    "ManufacturersModelName": "TrioTim",
    "Modality": "MR",
    "ParallelReductionFactorInPlane": 2,
    "PartialFourier": 1,
    "PatientBirthDate": "1995-01-01",
    "PatientID": "Empatom_02",
    "PatientName": "20200304_Empatom_02",
    "PatientPosition": "HFS",
    "PatientSex": "F",
    "PatientWeight": 64,
    "PercentPhaseFOV": 100,
    "PhaseEncodingDirection": "j-",
    "PhaseEncodingSteps": 63,
    "PhaseResolution": 1,
    "PixelBandwidth": 2232,
    "ProcedureStepDescription": "AGB_Andreas",
    "ProtocolName": "ep2d_bold_TR1760_TE27_p2_des_iso35",
    "PulseSequenceDetails": "%SiemensSeq%_ep2d_bold",
    "ReceiveCoilName": "HeadMatrix",
    "ReconMatrixPE": 64,
    "RefLinesPE": 24,
    "RepetitionTime": 1.76,
    "SAR": 0.112887,
    "ScanOptions": "FS",
    "ScanningSequence": "EP",
    "SequenceName": "_epfid2d1_64",
    "SequenceVariant": "SK",
    "SeriesDescription": "ep2d_bold_TR1760_TE27_p2_des_iso35",
    "SeriesInstanceUID": "1.3.12.2.1107.5.2.32.35420.2020030413290590741218347.0.0.0",
    "SeriesNumber": 6,
    "ShimSetting": [
      9334,
      9503,
      -1466,
      217,
      -171,
      -2565,
      743,
      224
    ],
    "SliceThickness": 3.5,
    "SliceTiming": [
      1.715,
      1.665,
      1.615,
      1.565,
      1.5125,
      1.4625,
      1.4125,
      1.3625,
      1.3125,
      1.26,
      1.21,
      1.16,
      1.11,
      1.06,
      1.0075,
      0.9575,
      0.9075,
      0.8575,
      0.8075,
      0.7575,
      0.705,
      0.655,
      0.605,
      0.555,
      0.505,
      0.4525,
      0.4025,
      0.3525,
      0.3025,
      0.2525,
      0.2,
      0.15,
      0.1,
      0.05,
      0
    ],
    "SoftwareVersions": "syngo_MR_B17",
    "SpacingBetweenSlices": 4.025,
    "StationName": "MEDPC",
    "StudyID": "1",
    "StudyInstanceUID": "1.3.12.2.1107.5.2.32.35420.30000020030408300979600000004",
    "TotalReadoutTime": 0.0166951,
    "TxRefAmp": 293.764,
    "dataset": "ds003354",
    "modality": "bold",
    "subject_id": "02",
    "task_id": "empatom"
  },
  "dummy_trs": 1,
  "dvars_nstd": 18.237417970228925,
  "dvars_std": 0.9995026759890114,
  "dvars_vstd": 0.9699718933333336,
  "efc": 0.4669955504361217,
  "fber": 2370.86669921875,
  "fd_mean": 0.1214706032722485,
  "fd_num": 95,
  "fd_perc": 8.69167429094236,
  "fwhm_avg": 1.9644832558311769,
  "fwhm_x": 1.8606514285714284,
  "fwhm_y": 2.08414,
  "fwhm_z": 1.9486583389221017,
  "gcor": 0.0744423,
  "gsr_x": -0.012687926180660725,
  "gsr_y": 0.019905371591448784,
  "provenance": {
    "md5sum": "4c38ce7901cc2d2a9d9f30577b54e9f2",
    "settings": {
      "fd_thres": 0.2,
      "testing": false
    },
    "software": "mriqc",
    "version": "23.0.1",
    "webapi_port": null,
    "webapi_url": "https://mriqc.nimh.nih.gov/api/v1"
  },
  "size_t": 1093,
  "size_x": 64,
  "size_y": 64,
  "size_z": 35,
  "snr": 5.273483652738959,
  "spacing_tr": 1.7599999904632568,
  "spacing_x": 3.5,
  "spacing_y": 3.5,
  "spacing_z": 4.025000095367432,
  "summary_bg_k": 40.12208071941234,
  "summary_bg_mad": 4.6743349655615125,
  "summary_bg_mean": 29.108455657958984,
  "summary_bg_median": 15.817017555236816,
  "summary_bg_n": 92285.0,
  "summary_bg_p05": 11.725708961486816,
  "summary_bg_p95": 92.82141113281251,
  "summary_bg_stdv": 44.575260162353516,
  "summary_fg_k": 1.6474861422322604,
  "summary_fg_mad": 131.80780747353634,
  "summary_fg_mean": 794.7134399414062,
  "summary_fg_median": 776.72412109375,
  "summary_fg_n": 21366.0,
  "summary_fg_p05": 595.5269775390625,
  "summary_fg_p95": 1067.756591796875,
  "summary_fg_stdv": 147.28517150878906,
  "tsnr": 60.13551890454255
}