{
  "aor": 0.0004957959961868445,
  "aqi": 0.02199942249761678,
  "bids_meta": {
    "AcquisitionDateTime": "2020-03-03T12:02:41.795000",
    "AcquisitionMatrixPE": 64,
    "AcquisitionNumber": 1,
    "AcquisitionTime": "12:02:41.795000",
    "BandwidthPerPixelPhaseEncode": 58.962,
    "BaseResolution": 64,
    "CoilString": "T:HEA;HEP",
    "ConversionSoftware": "dcm2niix",
    "ConversionSoftwareVersion": "v1.0.20190902",
    "DerivedVendorReportedEchoSpacing": 0.000530002,
    "DeviceSerialNumber": "35420",
    "DwellTime": 3.5e-06,
    "EchoTime": 0.027,
    "EffectiveEchoSpacing": 0.000265001,
    "FlipAngle": 71,
    "ImageOrientationPatientDICOM": [
      0.999988,
      0.000226295,
      -0.0048727,
      -0.000705528,
      0.995129,
      -0.0985752
    ],
    "ImageType": [
      "ORIGINAL",
      "PRIMARY",
      "M",
      "ND",
      "MOSAIC"
    ],
    "ImagingFrequency": 123.221,
    "InPlanePhaseEncodingDirectionDICOM": "COL",
    "InstitutionAddress": "deleted_by_bidsonym",
    "InstitutionName": "Center_of_BrainImaging_Uni-Marburg",
    "InstitutionalDepartmentName": "Department",
    "MRAcquisitionType": "2D",
    "MagneticFieldStrength": 3,
    "Manufacturer": "Siemens",
    "ManufacturersModelName": "TrioTim",
    "Modality": "MR",
    "ParallelReductionFactorInPlane": 2,
    "PartialFourier": 1,
    "PatientBirthDate": "1991-01-01",
    "PatientID": "20200219_Empatom_01",
    "PatientName": "20200303_Empatom_01",
    "PatientPosition": "HFS",
    "PatientSex": "F",
    "PatientWeight": 58,
    "PercentPhaseFOV": 100,
    "PhaseEncodingDirection": "j-",
    "PhaseEncodingSteps": 63,
    "PhaseResolution": 1,
    "PixelBandwidth": 2232,
    "ProcedureStepDescription": "AGB_Andreas",
    "ProtocolName": "ep2d_bold_TR1760_TE27_p2_des_iso35",
    "PulseSequenceDetails": "%SiemensSeq%_ep2d_bold",
    "ReceiveCoilName": "HeadMatrix",
    "ReconMatrixPE": 64,
    "RefLinesPE": 24,
    "RepetitionTime": 1.76,
    "SAR": 0.124094,
    "ScanOptions": "FS",
    "ScanningSequence": "EP",
    "SequenceName": "_epfid2d1_64",
    "SequenceVariant": "SK",
    "SeriesDescription": "ep2d_bold_TR1760_TE27_p2_des_iso35",
    "SeriesInstanceUID": "1.3.12.2.1107.5.2.32.35420.2020030312023138727946135.0.0.0",
    "SeriesNumber": 6,
    "ShimSetting": [
      9312,
      9525,
      -1455,
      318,
      -97,
      -2913,
      301,
      224
    ],
    "SliceThickness": 3.5,
    "SliceTiming": [
      1.7175,
      1.6675,
      1.615,
      1.565,
      1.515,
      1.465,
      1.415,
      1.3625,
      1.3125,
      1.2625,
      1.2125,
      1.1625,
      1.1125,
      1.06,
      1.01,
      0.96,
      0.91,
      0.86,
      0.8075,
      0.7575,
      0.7075,
      0.6575,
      0.6075,
      0.555,
      0.505,
      0.455,
      0.405,
      0.355,
      0.305,
      0.2525,
      0.2025,
      0.1525,
      0.1025,
      0.0525,
      0
    ],
    "SoftwareVersions": "syngo_MR_B17",
    "SpacingBetweenSlices": 4.025,
    "StationName": "MEDPC",
    "StudyID": "1",
    "StudyInstanceUID": "1.3.12.2.1107.5.2.32.35420.30000020022706263348400000087",
    "TotalReadoutTime": 0.0166951,
    "TxRefAmp": 294.042,
    "dataset": "ds003354",
    "modality": "bold",
    "subject_id": "01",
    "task_id": "empatom"
  },
  "dummy_trs": 1,
  "dvars_nstd": 24.006559384618335,
  "dvars_std": 0.9380710038740457,
  "dvars_vstd": 0.9061684875190844,
  "efc": 0.45474424925185836,
  "fber": 2120.55810546875,
  "fd_mean": 0.25529780449608214,
  "fd_num": 617,
  "fd_perc": 58.81792183031459,
  "fwhm_avg": 1.8821992713621836,
  "fwhm_x": 1.8109,
  "fwhm_y": 2.001802857142857,
  "fwhm_z": 1.8338949569436942,
  "gcor": 0.0520916,
  "gsr_x": 0.007490997202694416,
  "gsr_y": 0.014398392289876938,
  "provenance": {
    "md5sum": "914318c4d102b17cad4ffb0dee45dc9a",
    "settings": {
      "fd_thres": 0.2,
      "testing": false
    },
    "software": "mriqc",
    "version": "23.0.1",
    "webapi_port": null,
    "webapi_url": "https://mriqc.nimh.nih.gov/api/v1"
  },
  "size_t": 1049,
  "size_x": 64,
  "size_y": 64,
  "size_z": 35,
  "snr": 5.93714735673699,
  "spacing_tr": 1.7599999904632568,
  "spacing_x": 3.5,
  "spacing_y": 3.5,
  "spacing_z": 4.025001525878906,
  "summary_bg_k": 44.05606942737829,
  "summary_bg_mad": 6.758630694203775,
  "summary_bg_mean": 31.6925106048584,
  "summary_bg_median": 16.923736572265625,
  "summary_bg_n": 95421.0,
  "summary_bg_p05": 11.20305061340332,
  "summary_bg_p95": 96.04671478271484,
  "summary_bg_stdv": 51.49573516845703,
  "summary_fg_k": 1.400733496108062,
  "summary_fg_mad": 116.01045641803114,
  "summary_fg_mean": 793.2130737304688,
  "summary_fg_median": 781.9151611328125,
  "summary_fg_n": 18737.0,
  "summary_fg_p05": 603.5935180664062,
  "summary_fg_p95": 1029.5212646484376,
  "summary_fg_stdv": 131.69528198242188,
  "tsnr": 33.51161675341427
}