{
  "aor": 0.00046793767186067834,
  "aqi": 0.005253992190650779,
  "bids_meta": {
    "AcquisitionDateTime": "2020-03-13T12:39:12.802500",
    "AcquisitionMatrixPE": 64,
    "AcquisitionNumber": 1,
    "AcquisitionTime": "12:39:12.802500",
    "BandwidthPerPixelPhaseEncode": 58.962,
    "BaseResolution": 64,
    "CoilString": "T:HEA;HEP",
    "ConversionSoftware": "dcm2niix",
    "ConversionSoftwareVersion": "v1.0.20190902",
    "DerivedVendorReportedEchoSpacing": 0.000530002,
    "DeviceSerialNumber": "35420",
    "DwellTime": 3.5e-06,
    "EchoTime": 0.027,
    "EffectiveEchoSpacing": 0.000265001,
    "FlipAngle": 71,
    "ImageOrientationPatientDICOM": [
      0.997304,
      0.059756,
      -0.0425976,
      -0.0616799,
      0.997064,
      -0.0453775
    ],
    "ImageType": [
      "ORIGINAL",
      "PRIMARY",
      "M",
      "ND",
      "MOSAIC"
    ],
    "ImagingFrequency": 123.221,
    "InPlanePhaseEncodingDirectionDICOM": "COL",
    "InstitutionAddress": "deleted_by_bidsonym",
    "InstitutionName": "Section_of_BrainImaging",
    "InstitutionalDepartmentName": "Department",
    "MRAcquisitionType": "2D",
    "MagneticFieldStrength": 3,
    "Manufacturer": "Siemens",
    "ManufacturersModelName": "TrioTim",
    "Modality": "MR",
    "ParallelReductionFactorInPlane": 2,
    "PartialFourier": 1,
    "PatientBirthDate": "1994-01-01",
    "PatientID": "Empatom_08",
    "PatientName": "20200313_AGB_Empatom_08",
    "PatientPosition": "HFS",
    "PatientSex": "M",
    "PatientWeight": 66,
    "PercentPhaseFOV": 100,
    "PhaseEncodingDirection": "j-",
    "PhaseEncodingSteps": 63,
    "PhaseResolution": 1,
    "PixelBandwidth": 2232,
    "ProcedureStepDescription": "AGB_Andreas",
    "ProtocolName": "ep2d_bold_TR1760_TE27_p2_des_iso35",
    "PulseSequenceDetails": "%SiemensSeq%_ep2d_bold",
    "ReceiveCoilName": "HeadMatrix",
    "ReconMatrixPE": 64,
    "RefLinesPE": 24,
    "RepetitionTime": 1.76,
    "SAR": 0.125761,
    "ScanOptions": "FS",
    "ScanningSequence": "EP",
    "SequenceName": "_epfid2d1_64",
    "SequenceVariant": "SK",
    "SeriesDescription": "ep2d_bold_TR1760_TE27_p2_des_iso35",
    "SeriesInstanceUID": "1.3.12.2.1107.5.2.32.35420.2020031312390191583633974.0.0.0",
    "SeriesNumber": 6,
    "ShimSetting": [
      9308,
      9558,
      -1457,
      11,
      -72,
      -2111,
      568,
      329
    ],
    "SliceThickness": 3.5,
    "SliceTiming": [
      1.715,
      1.665,
      1.615,
      1.565,
      1.515,
      1.4625,
      1.4125,
      1.3625,
      1.3125,
      1.2625,
      1.2125,
      1.16,
      1.11,
      1.06,
      1.01,
      0.96,
      0.9075,
      0.8575,
      0.8075,
      0.7575,
      0.7075,
      0.655,
      0.605,
      0.555,
      0.505,
      0.455,
      0.405,
      0.3525,
      0.3025,
      0.2525,
      0.2025,
      0.1525,
      0.1,
      0.05,
      0
    ],
    "SoftwareVersions": "syngo_MR_B17",
    "SpacingBetweenSlices": 4.025,
    "StationName": "MEDPC",
    "StudyID": "1",
    "StudyInstanceUID": "1.3.12.2.1107.5.2.32.35420.30000020031206245842100000028",
    "TotalReadoutTime": 0.0166951,
    "TxRefAmp": 301.953,
    "dataset": "ds003354",
    "modality": "bold",
    "subject_id": "08",
    "task_id": "empatom"
  },
  "dummy_trs": 1,
  "dvars_nstd": 21.189784933532117,
  "dvars_std": 1.03298555872477,
  "dvars_vstd": 0.9790808720825692,
  "efc": 0.5092507425317099,
  "fber": 1633.0623779296875,
  "fd_mean": 0.10387274646559892,
  "fd_num": 62,
  "fd_perc": 5.682859761686526,
  "fwhm_avg": 2.0348029242239853,
  "fwhm_x": 1.9532542857142856,
  "fwhm_y": 2.1589085714285714,
  "fwhm_z": 1.9922459155290988,
  "gcor": 0.0336481,
  "gsr_x": -0.005317853298038244,
  "gsr_y": 0.028914179652929306,
  "provenance": {
    "md5sum": "15f9688a7f2639590b4847d1be15f5df",
    "settings": {
      "fd_thres": 0.2,
      "testing": false
    },
    "software": "mriqc",
    "version": "23.0.1",
    "webapi_port": null,
    "webapi_url": "https://mriqc.nimh.nih.gov/api/v1"
  },
  "size_t": 1091,
  "size_x": 64,
  "size_y": 64,
  "size_z": 35,
  "snr": 4.963321647949572,
  "spacing_tr": 1.7599999904632568,
  "spacing_x": 3.5,
  "spacing_y": 3.5,
  "spacing_z": 4.025000095367432,
  "summary_bg_k": 42.05060387401244,
  "summary_bg_mad": 7.534635754483597,
  "summary_bg_mean": 40.702964782714844,
  "summary_bg_median": 19.542163848876953,
  "summary_bg_n": 87560.0,
  "summary_bg_p05": 13.296975135803223,
  "summary_bg_p95": 155.39976501464844,
  "summary_bg_stdv": 63.93258285522461,
  "summary_fg_k": 1.5841105584511537,
  "summary_fg_mad": 141.65850654599677,
  "summary_fg_mean": 815.7099609375,
  "summary_fg_median": 800.7694702148438,
  "summary_fg_n": 24746.0,
  "summary_fg_p05": 591.0888824462891,
  "summary_fg_p95": 1110.305908203125,
  "summary_fg_stdv": 161.3341522216797,
  "tsnr": 60.28599132504314
}