{
  "aor": 0.0008602389705882353,
  "aqi": 0.009784137637867648,
  "bids_meta": {
    "AcquisitionDateTime": "2020-06-24T11:31:4.080000",
    "AcquisitionMatrixPE": 64,
    "AcquisitionNumber": 1,
    "AcquisitionTime": "11:31:4.080000",
    "BandwidthPerPixelPhaseEncode": 58.962,
    "BaseResolution": 64,
    "CoilString": "T:HEA;HEP",
    "ConversionSoftware": "dcm2niix",
    "ConversionSoftwareVersion": "v1.0.20190902",
    "DerivedVendorReportedEchoSpacing": 0.000530002,
    "DeviceSerialNumber": "35420",
    "DwellTime": 3.5e-06,
    "EchoTime": 0.027,
    "EffectiveEchoSpacing": 0.000265001,
    "FlipAngle": 71,
    "ImageOrientationPatientDICOM": [
      0.994739,
      -0.0243992,
      0.0994932,
      0.0562622,
      0.941754,
      -0.331563
    ],
    "ImageType": [
      "ORIGINAL",
      "PRIMARY",
      "M",
      "ND",
      "MOSAIC"
    ],
    "ImagingFrequency": 123.221,
    "InPlanePhaseEncodingDirectionDICOM": "COL",
    "InstitutionAddress": "deleted_by_bidsonym",
    "InstitutionName": "Section_of_BrainImaging",
    "InstitutionalDepartmentName": "Department",
    "MRAcquisitionType": "2D",
    "MagneticFieldStrength": 3,
    "Manufacturer": "Siemens",
    "ManufacturersModelName": "TrioTim",
    "Modality": "MR",
    "ParallelReductionFactorInPlane": 2,
    "PartialFourier": 1,
    "PatientBirthDate": "1993-01-01",
    "PatientID": "20200624_AGB_EMPATOM10",
    "PatientName": "20200624_AGB_EMPATOM10",
    "PatientPosition": "HFS",
    "PatientSex": "M",
    "PatientWeight": 52,
    "PercentPhaseFOV": 100,
    "PhaseEncodingDirection": "j-",
    "PhaseEncodingSteps": 63,
    "PhaseResolution": 1,
    "PixelBandwidth": 2232,
    "ProcedureStepDescription": "AGB_Andreas",
    "ProtocolName": "ep2d_bold_TR1760_TE27_p2_des_iso35",
    "PulseSequenceDetails": "%SiemensSeq%_ep2d_bold",
    "ReceiveCoilName": "HeadMatrix",
    "ReconMatrixPE": 64,
    "RefLinesPE": 24,
    "RepetitionTime": 1.76,
    "SAR": 0.124692,
    "ScanOptions": "FS",
    "ScanningSequence": "EP",
    "SequenceName": "_epfid2d1_64",
    "SequenceVariant": "SK",
    "SeriesDescription": "ep2d_bold_TR1760_TE27_p2_des_iso35",
    "SeriesInstanceUID": "1.3.12.2.1107.5.2.32.35420.2020062411305399501282868.0.0.0",
    "SeriesNumber": 6,
    "ShimSetting": [
      9351,
      9608,
      -1466,
      -38,
      -144,
      -2284,
      238,
      194
    ],
    "SliceThickness": 3.5,
    "SliceTiming": [
      1.715,
      1.665,
      1.615,
      1.565,
      1.515,
      1.4625,
      1.4125,
      1.3625,
      1.3125,
      1.2625,
      1.21,
      1.16,
      1.11,
      1.06,
      1.01,
      0.96,
      0.9075,
      0.8575,
      0.8075,
      0.7575,
      0.7075,
      0.655,
      0.605,
      0.555,
      0.505,
      0.455,
      0.4025,
      0.3525,
      0.3025,
      0.2525,
      0.2025,
      0.1525,
      0.1,
      0.05,
      0
    ],
    "SoftwareVersions": "syngo_MR_B17",
    "SpacingBetweenSlices": 4.025,
    "StationName": "MEDPC",
    "StudyID": "1",
    "StudyInstanceUID": "1.3.12.2.1107.5.2.32.35420.30000020062405253642100000010",
    "TotalReadoutTime": 0.0166951,
    "TxRefAmp": 303.004,
    "dataset": "ds003354",
    "modality": "bold",
    "subject_id": "10",
    "task_id": "empatom"
  },
  "dummy_trs": 0,
  "dvars_nstd": 21.053498242621895,
  "dvars_std": 1.0160889613155466,
  "dvars_vstd": 0.960301040965961,
  "efc": 0.4853232587055923,
  "fber": 1890.1563720703125,
  "fd_mean": 0.13953382635501269,
  "fd_num": 120,
  "fd_perc": 11.029411764705882,
  "fwhm_avg": 2.0001415584402045,
  "fwhm_x": 1.9223228571428572,
  "fwhm_y": 2.1714285714285713,
  "fwhm_z": 1.906673246749185,
  "gcor": 0.0248103,
  "gsr_x": 0.00408392958343029,
  "gsr_y": 0.025299368426203728,
  "provenance": {
    "md5sum": "99debccb5fd8b9c3dce566fd8db236f1",
    "settings": {
      "fd_thres": 0.2,
      "testing": false
    },
    "software": "mriqc",
    "version": "23.0.1",
    "webapi_port": null,
    "webapi_url": "https://mriqc.nimh.nih.gov/api/v1"
  },
  "size_t": 1088,
  "size_x": 64,
  "size_y": 64,
  "size_z": 35,
  "snr": 5.662031175997081,
  "spacing_tr": 1.7599999904632568,
  "spacing_x": 3.5,
  "spacing_y": 3.5,
  "spacing_z": 4.025000095367432,
  "summary_bg_k": 20.479964277907243,
  "summary_bg_mad": 8.078001543960141,
  "summary_bg_mean": 46.62065887451172,
  "summary_bg_median": 18.227022171020508,
  "summary_bg_n": 93963.0,
  "summary_bg_p05": 10.956893348693848,
  "summary_bg_p95": 217.06893920898438,
  "summary_bg_stdv": 81.20015716552734,
  "summary_fg_k": 1.1029149222562529,
  "summary_fg_mad": 124.23607541596567,
  "summary_fg_mean": 805.9920043945312,
  "summary_fg_median": 790.988037109375,
  "summary_fg_n": 19937.0,
  "summary_fg_p05": 608.72060546875,
  "summary_fg_p95": 1062.7461181640624,
  "summary_fg_stdv": 139.6968994140625,
  "tsnr": 48.94180311751552
}