{
  "aor": 0.0015780066445182726,
  "aqi": 0.010465135448504982,
  "bids_meta": {
    "AcquisitionDateTime": "2020-03-12T15:10:43.787500",
    "AcquisitionMatrixPE": 64,
    "AcquisitionNumber": 1,
    "AcquisitionTime": "15:10:43.787500",
    "BandwidthPerPixelPhaseEncode": 58.962,
    "BaseResolution": 64,
    "CoilString": "T:HEA;HEP",
    "ConversionSoftware": "dcm2niix",
    "ConversionSoftwareVersion": "v1.0.20190902",
    "DerivedVendorReportedEchoSpacing": 0.000530002,
    "DeviceSerialNumber": "35420",
    "DwellTime": 3.5e-06,
    "EchoTime": 0.027,
    "EffectiveEchoSpacing": 0.000265001,
    "FlipAngle": 71,
    "ImageOrientationPatientDICOM": [
      0.997129,
      -0.0252389,
      0.0713974,
      0.0272404,
      0.999259,
      -0.0271992
    ],
    "ImageType": [
      "ORIGINAL",
      "PRIMARY",
      "M",
      "ND",
      "MOSAIC"
    ],
    "ImagingFrequency": 123.222,
    "InPlanePhaseEncodingDirectionDICOM": "COL",
    "InstitutionAddress": "deleted_by_bidsonym",
    "InstitutionName": "Center_of_BrainImaging_Uni-Marburg",
    "InstitutionalDepartmentName": "Department",
    "MRAcquisitionType": "2D",
    "MagneticFieldStrength": 3,
    "Manufacturer": "Siemens",
    "ManufacturersModelName": "TrioTim",
    "Modality": "MR",
    "ParallelReductionFactorInPlane": 2,
    "PartialFourier": 1,
    "PatientBirthDate": "2001-01-01",
    "PatientID": "Empatom_07",
    "PatientName": "20200312_AGB_Empatom_07",
    "PatientPosition": "HFS",
    "PatientSex": "M",
    "PatientWeight": 68,
    "PercentPhaseFOV": 100,
    "PhaseEncodingDirection": "j-",
    "PhaseEncodingSteps": 63,
    "PhaseResolution": 1,
    "PixelBandwidth": 2232,
    "ProcedureStepDescription": "AGB_Andreas",
    "ProtocolName": "ep2d_bold_TR1760_TE27_p2_des_iso35",
    "PulseSequenceDetails": "%SiemensSeq%_ep2d_bold",
    "ReceiveCoilName": "HeadMatrix",
    "ReconMatrixPE": 64,
    "RefLinesPE": 24,
    "RepetitionTime": 1.76,
    "SAR": 0.116773,
    "ScanOptions": "FS",
    "ScanningSequence": "EP",
    "SequenceName": "_epfid2d1_64",
    "SequenceVariant": "SK",
    "SeriesDescription": "ep2d_bold_TR1760_TE27_p2_des_iso35",
    "SeriesInstanceUID": "1.3.12.2.1107.5.2.32.35420.2020031215103370577779302.0.0.0",
    "SeriesNumber": 6,
    "ShimSetting": [
      9338,
      9477,
      -1379,
      120,
      -143,
      -2432,
      644,
      293
    ],
    "SliceThickness": 3.5,
    "SliceTiming": [
      1.7175,
      1.665,
      1.615,
      1.565,
      1.515,
      1.465,
      1.4125,
      1.3625,
      1.3125,
      1.2625,
      1.2125,
      1.1625,
      1.11,
      1.06,
      1.01,
      0.96,
      0.91,
      0.8575,
      0.8075,
      0.7575,
      0.7075,
      0.6575,
      0.605,
      0.555,
      0.505,
      0.455,
      0.405,
      0.355,
      0.3025,
      0.2525,
      0.2025,
      0.1525,
      0.1025,
      0.05,
      0
    ],
    "SoftwareVersions": "syngo_MR_B17",
    "SpacingBetweenSlices": 4.025,
    "StationName": "MEDPC",
    "StudyID": "1",
    "StudyInstanceUID": "1.3.12.2.1107.5.2.32.35420.30000020031206245842100000019",
    "TotalReadoutTime": 0.0166951,
    "TxRefAmp": 300.215,
    "dataset": "ds003354",
    "modality": "bold",
    "subject_id": "07",
    "task_id": "empatom"
  },
  "dummy_trs": 1,
  "dvars_nstd": 21.486338641554404,
  "dvars_std": 1.0434629188611817,
  "dvars_vstd": 0.9627390005403149,
  "efc": 0.5026527371423885,
  "fber": 1760.9071044921875,
  "fd_mean": 0.147576808595295,
  "fd_num": 221,
  "fd_perc": 18.35548172757475,
  "fwhm_avg": 2.006101682556415,
  "fwhm_x": 1.9183514285714285,
  "fwhm_y": 2.1796828571428573,
  "fwhm_z": 1.9202707619549588,
  "gcor": 0.00893695,
  "gsr_x": 0.0016860268078744411,
  "gsr_y": 0.027356991544365883,
  "provenance": {
    "md5sum": "94a1932a5a4737dacba28d8cfc20ccd8",
    "settings": {
      "fd_thres": 0.2,
      "testing": false
    },
    "software": "mriqc",
    "version": "23.0.1",
    "webapi_port": null,
    "webapi_url": "https://mriqc.nimh.nih.gov/api/v1"
  },
  "size_t": 1204,
  "size_x": 64,
  "size_y": 64,
  "size_z": 35,
  "snr": 5.67303483341378,
  "spacing_tr": 1.7599999904632568,
  "spacing_x": 3.5,
  "spacing_y": 3.5,
  "spacing_z": 4.025000095367432,
  "summary_bg_k": 13.962074944937626,
  "summary_bg_mad": 8.683196626127947,
  "summary_bg_mean": 48.07308578491211,
  "summary_bg_median": 19.93687629699707,
  "summary_bg_n": 90530.0,
  "summary_bg_p05": 12.348836898803711,
  "summary_bg_p95": 224.02748413085956,
  "summary_bg_stdv": 77.8111801147461,
  "summary_fg_k": 0.8680342791349607,
  "summary_fg_mad": 134.6902127754198,
  "summary_fg_mean": 848.5889892578125,
  "summary_fg_median": 836.7341918945312,
  "summary_fg_n": 22599.0,
  "summary_fg_p05": 634.1524658203125,
  "summary_fg_p95": 1117.2511108398435,
  "summary_fg_stdv": 147.48995971679688,
  "tsnr": 50.11827412410639
}