{
  "aor": 0.0006930628988149498,
  "aqi": 0.010071874585232453,
  "bids_meta": {
    "AcquisitionDateTime": "2020-03-12T08:32:1.762500",
    "AcquisitionMatrixPE": 64,
    "AcquisitionNumber": 1,
    "AcquisitionTime": "08:32:1.762500",
    "BandwidthPerPixelPhaseEncode": 58.962,
    "BaseResolution": 64,
    "CoilString": "T:HEA;HEP",
    "ConversionSoftware": "dcm2niix",
    "ConversionSoftwareVersion": "v1.0.20190902",
    "DerivedVendorReportedEchoSpacing": 0.000530002,
    "DeviceSerialNumber": "35420",
    "DwellTime": 3.5e-06,
    "EchoTime": 0.027,
    "EffectiveEchoSpacing": 0.000265001,
    "FlipAngle": 71,
    "ImageOrientationPatientDICOM": [
      0.999163,
      -0.0199963,
      -0.0356936,
      0.0218865,
      0.998335,
      0.0533749
    ],
    "ImageType": [
      "ORIGINAL",
      "PRIMARY",
      "M",
      "ND",
      "MOSAIC"
    ],
    "ImagingFrequency": 123.222,
    "InPlanePhaseEncodingDirectionDICOM": "COL",
    "InstitutionAddress": "deleted_by_bidsonym",
    "InstitutionName": "Center_of_BrainImaging_Uni-Marburg",
    "InstitutionalDepartmentName": "Department",
    "MRAcquisitionType": "2D",
    "MagneticFieldStrength": 3,
    "Manufacturer": "Siemens",
    "ManufacturersModelName": "TrioTim",
    "Modality": "MR",
    "ParallelReductionFactorInPlane": 2,
    "PartialFourier": 1,
    "PatientBirthDate": "1995-01-01",
    "PatientID": "Empatom_05",
    "PatientName": "20200312_Empatom_05",
    "PatientPosition": "HFS",
    "PatientSex": "M",
    "PatientWeight": 80,
    "PercentPhaseFOV": 100,
    "PhaseEncodingDirection": "j-",
    "PhaseEncodingSteps": 63,
    "PhaseResolution": 1,
    "PixelBandwidth": 2232,
    "ProcedureStepDescription": "AGB_Andreas",
    "ProtocolName": "ep2d_bold_TR1760_TE27_p2_des_iso35",
    "PulseSequenceDetails": "%SiemensSeq%_ep2d_bold",
    "ReceiveCoilName": "HeadMatrix",
    "ReconMatrixPE": 64,
    "RefLinesPE": 24,
    "RepetitionTime": 1.76,
    "SAR": 0.115946,
    "ScanOptions": "FS",
    "ScanningSequence": "EP",
    "SequenceName": "_epfid2d1_64",
    "SequenceVariant": "SK",
    "SeriesDescription": "ep2d_bold_TR1760_TE27_p2_des_iso35",
    "SeriesInstanceUID": "1.3.12.2.1107.5.2.32.35420.2020031208315135227006061.0.0.0",
    "SeriesNumber": 7,
    "ShimSetting": [
      9280,
      9534,
      -1438,
      228,
      -191,
      -2569,
      751,
      327
    ],
    "SliceThickness": 3.5,
    "SliceTiming": [
      1.7175,
      1.6675,
      1.615,
      1.565,
      1.515,
      1.465,
      1.415,
      1.365,
      1.3125,
      1.2625,
      1.2125,
      1.1625,
      1.1125,
      1.06,
      1.01,
      0.96,
      0.91,
      0.86,
      0.8075,
      0.7575,
      0.7075,
      0.6575,
      0.6075,
      0.555,
      0.505,
      0.455,
      0.405,
      0.355,
      0.305,
      0.2525,
      0.2025,
      0.1525,
      0.1025,
      0.0525,
      0
    ],
    "SoftwareVersions": "syngo_MR_B17",
    "SpacingBetweenSlices": 4.025,
    "StationName": "MEDPC",
    "StudyID": "1",
    "StudyInstanceUID": "1.3.12.2.1107.5.2.32.35420.30000020031206245842100000004",
    "TotalReadoutTime": 0.0166951,
    "TxRefAmp": 284.777,
    "dataset": "ds003354",
    "modality": "bold",
    "subject_id": "05",
    "task_id": "empatom"
  },
  "dummy_trs": 1,
  "dvars_nstd": 20.175763963658724,
  "dvars_std": 1.0148801338138684,
  "dvars_vstd": 0.9676601020437953,
  "efc": 0.48830719527902666,
  "fber": 1889.3990478515625,
  "fd_mean": 0.1372008595462553,
  "fd_num": 100,
  "fd_perc": 9.115770282588878,
  "fwhm_avg": 1.9146755134223887,
  "fwhm_x": 1.853222857142857,
  "fwhm_y": 2.051342857142857,
  "fwhm_z": 1.8394608259814522,
  "gcor": 0.062786,
  "gsr_x": -0.006212769541889429,
  "gsr_y": 0.019056221470236778,
  "provenance": {
    "md5sum": "d0c5b0f0bff33d6fd855725653f22d7d",
    "settings": {
      "fd_thres": 0.2,
      "testing": false
    },
    "software": "mriqc",
    "version": "23.0.1",
    "webapi_port": null,
    "webapi_url": "https://mriqc.nimh.nih.gov/api/v1"
  },
  "size_t": 1097,
  "size_x": 64,
  "size_y": 64,
  "size_z": 35,
  "snr": 5.733969725695011,
  "spacing_tr": 1.7599999904632568,
  "spacing_x": 3.5,
  "spacing_y": 3.5,
  "spacing_z": 4.025000095367432,
  "summary_bg_k": 24.569742370071744,
  "summary_bg_mad": 6.571021936644138,
  "summary_bg_mean": 38.518306732177734,
  "summary_bg_median": 18.470373153686523,
  "summary_bg_n": 91290.0,
  "summary_bg_p05": 12.835916519165039,
  "summary_bg_p95": 143.23504486083985,
  "summary_bg_stdv": 60.217864990234375,
  "summary_fg_k": 1.48296024642233,
  "summary_fg_mad": 127.3274241091168,
  "summary_fg_mean": 823.4171142578125,
  "summary_fg_median": 809.4840087890625,
  "summary_fg_n": 21716.0,
  "summary_fg_p05": 625.9591979980469,
  "summary_fg_p95": 1078.9564208984375,
  "summary_fg_stdv": 141.17015075683594,
  "tsnr": 50.38862744788639
}